GEM
  remote: http://rubygems.org/
  specs:
    activemodel (3.0.7)
      activesupport (= 3.0.7)
      builder (~> 2.1.2)
      i18n (~> 0.5.0)
    activesupport (3.0.7)
    bson (1.3.1)
    bson_ext (1.3.1)
    builder (2.1.2)
    classifier (1.3.3)
      fast-stemmer (>= 1.0.0)
    daemons (1.1.3)
    diff-lcs (1.1.2)
    docsplit (0.6.0)
    erubis (2.7.0)
    eventmachine (0.12.10)
    fast-stemmer (1.0.0)
    geokit (1.6.0)
    grit (2.4.1)
      diff-lcs (~> 1.1)
      mime-types (~> 1.15)
    http_router (0.7.10)
      rack (>= 1.0.0)
      url_mount (~> 0.2.1)
    httpi (0.9.5)
      rack
    i18n (0.5.0)
    json (1.5.3)
    madeleine (0.7.3)
    mail (2.3.0)
      i18n (>= 0.4.0)
      mime-types (~> 1.16)
      treetop (~> 1.4.8)
    mime-types (1.16)
    mongo (1.3.1)
      bson (>= 1.3.1)
    mongoid (2.2.0)
      activemodel (~> 3.0)
      mongo (~> 1.3)
      tzinfo (~> 0.3.22)
    nokogiri (1.4.6)
    padrino (0.9.29)
      padrino-admin (= 0.9.29)
      padrino-cache (= 0.9.29)
      padrino-core (= 0.9.29)
      padrino-gen (= 0.9.29)
      padrino-helpers (= 0.9.29)
      padrino-mailer (= 0.9.29)
    padrino-admin (0.9.29)
      padrino-core (= 0.9.29)
      padrino-helpers (= 0.9.29)
    padrino-cache (0.9.29)
      padrino-core (= 0.9.29)
    padrino-core (0.9.29)
      activesupport (>= 3.0.0)
      http_router (~> 0.7.8)
      sinatra (~> 1.2.6)
      thor (>= 0.14.3)
      tilt (~> 1.3.0)
    padrino-gen (0.9.29)
      bundler (>= 1.0.2)
      grit
      padrino-core (= 0.9.29)
    padrino-helpers (0.9.29)
      i18n (>= 0.4.1)
      padrino-core (= 0.9.29)
    padrino-mailer (0.9.29)
      mail (>= 2.2.0)
      padrino-core (= 0.9.29)
    polyglot (0.3.1)
    rack (1.2.2)
    rack-flash (0.1.1)
      rack
    rake (0.8.7)
    ruby-stemmer (0.9.1)
    sinatra (1.2.6)
      rack (~> 1.1)
      tilt (>= 1.2.2, < 2.0)
    thin (1.2.11)
      daemons (>= 1.0.9)
      eventmachine (>= 0.12.6)
      rack (>= 1.0.0)
    thor (0.14.6)
    tilt (1.3.2)
    treetop (1.4.9)
      polyglot (>= 0.3.1)
    tzinfo (0.3.29)
    url_mount (0.2.1)
      rack

PLATFORMS
  ruby

DEPENDENCIES
  bson_ext
  classifier
  docsplit
  erubis (~> 2.7.0)
  geokit
  httpi
  json
  madeleine
  mongoid
  nokogiri
  padrino (= 0.9.29)
  rack-flash
  rake
  ruby-stemmer
  thin
